GEM
  remote: https://rubygems.org/
  specs:
    coderay (1.1.3)
    date (3.1.0)
    method_source (1.0.0)
    open-uri (0.1.0)
      stringio
      time
      uri
    pry (0.14.1)
      coderay (~> 1.1)
      method_source (~> 1.0)
    rexml (3.2.5)
    rss (0.2.9)
      rexml
    stringio (3.0.0)
    time (0.1.0)
      date
    uri (0.10.1)
    webrick (1.7.0)
    yard (0.9.28)
      webrick (~> 1.7.0)

PLATFORMS
  x86_64-linux

DEPENDENCIES
  open-uri
  pry
  rss
  yard

RUBY VERSION
   ruby 3.0.1p64

BUNDLED WITH
   2.3.12
